GEM
  remote: https://rubygems.org/
  specs:
    RubySunrise (0.3.1)
      tzinfo
    posix_mq (2.2.0)
    thread_safe (0.3.5)
    tzinfo (1.2.2)
      thread_safe (~> 0.1)

PLATFORMS
  ruby

DEPENDENCIES
  RubySunrise
  posix_mq

BUNDLED WITH
   1.10.6
